PATH
  remote: ~/code/mosaic
  specs:
    mosaic (0.0.1pre)
      sinatra

GEM
  remote: http://rubygems.org/
  specs:
    coderay (1.0.8)
    kgio (2.7.4)
    markabb (1.0.0)
      coderay
    rack (1.4.4)
    rack-protection (1.3.2)
      rack
    raindrops (0.10.0)
    sass (3.2.5)
    sinatra (1.3.3)
      rack (~> 1.3, >= 1.3.6)
      rack-protection (~> 1.2)
      tilt (~> 1.3, >= 1.3.3)
    sinatra-static-assets (1.0.4)
      sinatra (>= 1.1.0)
    tilt (1.3.3)
    unicorn (4.4.0)
      kgio (~> 2.6)
      rack
      raindrops (~> 0.7)

PLATFORMS
  ruby

DEPENDENCIES
  markabb
  mosaic!
  sass
  sinatra-static-assets
  unicorn
